GEM
  remote: https://rubygems.org/
  specs:
    colored (1.2)
    cri (2.4.1)
      colored (>= 1.2)
    haml (4.0.1)
      tilt
    nanoc (3.6.7)
      cri (~> 2.3)
    tilt (1.3.6)

PLATFORMS
  ruby

DEPENDENCIES
  haml
  nanoc
