GEM
  remote: https://rubygems.org/
  specs:
    activemodel (3.2.19)
      activesupport (= 3.2.19)
      builder (~> 3.0.0)
    activerecord (3.2.19)
      activemodel (= 3.2.19)
      activesupport (= 3.2.19)
      arel (~> 3.0.2)
      tzinfo (~> 0.3.29)
    activesupport (3.2.19)
      i18n (~> 0.6, >= 0.6.4)
      multi_json (~> 1.0)
    adsf (1.2.0)
      rack (>= 1.0.0)
    arel (3.0.3)
    bootstrap-sass (3.2.0.2)
      sass (~> 3.2)
    builder (3.0.4)
    celluloid (0.16.0)
      timers (~> 4.0.0)
    chunky_png (1.3.1)
    coderay (1.1.0)
    colored (1.2)
    compass (1.0.1)
      chunky_png (~> 1.2)
      compass-core (~> 1.0.1)
      compass-import-once (~> 1.0.5)
      rb-fsevent (>= 0.9.3)
      rb-inotify (>= 0.9)
      sass (>= 3.3.13, < 3.5)
    compass-core (1.0.1)
      multi_json (~> 1.0)
      sass (>= 3.3.0, < 3.5)
    compass-import-once (1.0.5)
      sass (>= 3.2, < 3.5)
    cri (2.6.1)
      colored (~> 1.2)
    ffi (1.9.3)
    formatador (0.2.5)
    guard (2.6.1)
      formatador (>= 0.2.4)
      listen (~> 2.7)
      lumberjack (~> 1.0)
      pry (>= 0.9.12)
      thor (>= 0.18.1)
    guard-nanoc (1.0.2)
      guard (>= 1.8.0)
      nanoc (>= 3.6.3)
    haml (4.0.5)
      tilt
    hitimes (1.2.2)
    i18n (0.6.11)
    listen (2.7.9)
      celluloid (>= 0.15.2)
      rb-fsevent (>= 0.9.3)
      rb-inotify (>= 0.9)
    lumberjack (1.0.9)
    method_source (0.8.2)
    mini_portile (0.6.0)
    multi_json (1.10.1)
    nanoc (3.7.3)
      cri (~> 2.3)
    nokogiri (1.6.3.1)
      mini_portile (= 0.6.0)
    pry (0.10.1)
      coderay (~> 1.1.0)
      method_source (~> 0.8.1)
      slop (~> 3.4)
    rack (1.5.2)
    rb-fsevent (0.9.4)
    rb-inotify (0.9.5)
      ffi (>= 0.5.0)
    redcarpet (3.1.2)
    sass (3.4.5)
    slop (3.6.0)
    sqlite3 (1.3.9)
    thor (0.19.1)
    tilt (2.0.1)
    timers (4.0.1)
      hitimes
    tzinfo (0.3.41)

PLATFORMS
  ruby

DEPENDENCIES
  activerecord (< 4.0)
  activerecord-jdbcsqlite3-adapter
  activesupport (< 4.0)
  adsf
  bootstrap-sass
  compass
  guard
  guard-nanoc
  haml
  kramdown
  nanoc
  nokogiri
  redcarpet
  sqlite3
